PATH
  remote: .
  specs:
    completeness-fu (0.5.2)

GEM
  remote: http://rubygems.org/
  specs:
    activemodel (3.0.0)
      activesupport (= 3.0.0)
      builder (~> 2.1.2)
      i18n (~> 0.4.1)
    activesupport (3.0.0)
    builder (2.1.2)
    gemcutter (0.6.1)
    git (1.2.5)
    i18n (0.4.1)
    jeweler (1.4.0)
      gemcutter (>= 0.1.0)
      git (>= 1.2.5)
      rubyforge (>= 2.0.0)
    json_pure (1.4.6)
    mocha (0.9.8)
      rake
    rake (0.8.7)
    rubyforge (2.0.4)
      json_pure (>= 1.1.7)
    shoulda (2.11.3)

PLATFORMS
  ruby

DEPENDENCIES
  activemodel (~> 3.0.0)
  completeness-fu!
  jeweler
  mocha (~> 0.9.8)
  rake (~> 0.8.7)
  shoulda (~> 2.11.3)
