PATH
  remote: .
  specs:
    completeness-fu (0.6.0)

GEM
  remote: http://rubygems.org/
  specs:
    activemodel (3.0.5)
      activesupport (= 3.0.5)
      builder (~> 2.1.2)
      i18n (~> 0.4)
    activesupport (3.0.5)
    builder (2.1.2)
    i18n (0.5.0)
    mocha (0.9.12)
    rake (0.8.7)
    shoulda (2.11.3)

PLATFORMS
  ruby

DEPENDENCIES
  activemodel (~> 3.0.0)
  completeness-fu!
  mocha (~> 0.9.8)
  rake (~> 0.8.7)
  shoulda (~> 2.11.3)
